GEM
  remote: http://rubygems.org/
  specs:
    aasm (2.3.1)
      activerecord
    activemodel (3.1.0)
      activesupport (= 3.1.0)
      bcrypt-ruby (~> 3.0.0)
      builder (~> 3.0.0)
      i18n (~> 0.6)
    activerecord (3.1.0)
      activemodel (= 3.1.0)
      activesupport (= 3.1.0)
      arel (~> 2.2.1)
      tzinfo (~> 0.3.29)
    activesupport (3.1.0)
      multi_json (~> 1.0)
    addressable (2.2.6)
    arel (2.2.1)
    bcrypt-ruby (3.0.1)
    builder (3.0.0)
    daemons (1.1.4)
    eventmachine (0.12.10)
    faraday (0.7.4)
      addressable (~> 2.2.6)
      multipart-post (~> 1.1.0)
      rack (>= 1.1.0, < 2)
    foreman (0.22.0)
      term-ansicolor (~> 1.0.5)
      thor (>= 0.13.6)
    heroku (2.8.4)
      launchy (>= 0.3.2)
      rest-client (~> 1.6.1)
      rubyzip
      term-ansicolor (~> 1.0.5)
    i18n (0.6.0)
    launchy (2.0.5)
      addressable (~> 2.2.6)
    mime-types (1.16)
    multi_json (1.0.3)
    multipart-post (1.1.3)
    pg (0.11.0)
    rack (1.3.3)
    rest-client (1.6.1)
      mime-types (>= 1.16)
    rubyzip (0.9.4)
    sinatra (1.2.6)
      rack (~> 1.1)
      tilt (>= 1.2.2, < 2.0)
    sinatra-activerecord (0.1.3)
      sinatra (>= 0.9.4)
    sqlite3 (1.3.4)
    term-ansicolor (1.0.6)
    thin (1.2.11)
      daemons (>= 1.0.9)
      eventmachine (>= 0.12.6)
      rack (>= 1.0.0)
    thor (0.14.6)
    tilt (1.3.3)
    tzinfo (0.3.29)

PLATFORMS
  ruby

DEPENDENCIES
  aasm
  faraday
  foreman
  heroku
  pg (= 0.11.0)
  sinatra
  sinatra-activerecord
  sqlite3
  thin
